GEM
  remote: https://rubygems.org/
  specs:
    activesupport (3.2.15)
      i18n (~> 0.6, >= 0.6.4)
      multi_json (~> 1.0)
    aws-sdk (1.28.1)
      json (~> 1.4)
      nokogiri (>= 1.4.4)
      uuidtools (~> 2.1)
    bourbon (3.1.8)
      sass (>= 3.2.0)
      thor
    breakpoint (2.0.7)
      compass (>= 0.12.1)
      sass (>= 3.2.0)
    breakpoint-slicer (1.2)
      breakpoint (>= 2.0.1)
      compass (>= 0.12.2)
      sass (>= 3.2.1)
    builder (3.2.2)
    chunky_png (1.2.9)
    cloudfront-invalidator (0.2.0)
      ruby-hmac
    coffee-script (2.2.0)
      coffee-script-source
      execjs
    coffee-script-source (1.6.3)
    colorize (0.6.0)
    compass (0.12.2)
      chunky_png (~> 1.2)
      fssm (>= 0.2.7)
      sass (~> 3.1)
    eb_deployer (0.2.9)
      aws-sdk
    em-websocket (0.5.0)
      eventmachine (>= 0.12.9)
      http_parser.rb (~> 0.5.3)
    eventmachine (1.0.3)
    excon (0.28.0)
    execjs (1.4.0)
      multi_json (~> 1.0)
    favicon_maker (0.2.3)
      mini_magick (~> 3.5)
    ffi (1.9.3)
    fog (1.18.0)
      builder
      excon (~> 0.28.0)
      formatador (~> 0.2.0)
      mime-types
      multi_json (~> 1.0)
      net-scp (~> 1.1)
      net-ssh (>= 2.1.3)
      nokogiri (~> 1.5)
      ruby-hmac
    formatador (0.2.4)
    fspath (2.0.5)
    fssm (0.2.10)
    haml (4.0.4)
      tilt
    handlebars_assets (0.14.1)
      execjs (>= 1.2.9)
      sprockets (>= 2.0.3)
      tilt
    hike (1.2.3)
    http_parser.rb (0.5.3)
    i18n (0.6.5)
    image_optim (0.8.1)
      fspath (~> 2.0.3)
      image_size (~> 1.1.2)
      in_threads (~> 1.1.1)
      progress (~> 2.4.0)
    image_size (1.1.4)
    in_threads (1.1.2)
    json (1.8.1)
    kramdown (1.2.0)
    listen (1.3.1)
      rb-fsevent (>= 0.9.3)
      rb-inotify (>= 0.9)
      rb-kqueue (>= 0.2)
    map (6.5.1)
    middleman (3.2.0)
      coffee-script (~> 2.2.0)
      compass (>= 0.12.2)
      execjs (~> 1.4.0)
      haml (>= 3.1.6)
      kramdown (~> 1.2)
      middleman-core (= 3.2.0)
      middleman-sprockets (>= 3.1.2)
      sass (>= 3.1.20)
      uglifier (~> 2.1.0)
    middleman-bourbon (0.0.2)
      bourbon (>= 2.1.0)
    middleman-core (3.2.0)
      activesupport (~> 3.2.6)
      bundler (~> 1.1)
      i18n (~> 0.6.1)
      listen (~> 1.1)
      rack (>= 1.4.5)
      rack-test (~> 0.6.1)
      thor (>= 0.15.2, < 2.0)
      tilt (~> 1.3.6)
    middleman-favicon-maker (3.3)
      favicon_maker (~> 0.2.3)
      middleman-core (>= 3.0.0)
    middleman-imageoptim (0.0.4)
      image_optim (~> 0.8.0)
      middleman-core (>= 3.0)
    middleman-livereload (3.1.0)
      em-websocket (>= 0.2.0)
      middleman-core (>= 3.0.2)
      multi_json (~> 1.0)
      rack-livereload
    middleman-minify-html (3.1.1)
      middleman-core (~> 3.0)
    middleman-neat (0.0.4)
      bourbon (>= 2.1)
      neat (>= 1.1.0)
    middleman-s3_sync (3.0.21)
      colorize
      fog (>= 1.10.1)
      map
      middleman-core (>= 3.0.0)
      pmap
      ruby-progressbar
      unf
    middleman-sprockets (3.2.0)
      middleman-core (~> 3.2)
      sprockets (~> 2.1)
      sprockets-helpers (~> 1.0.0)
      sprockets-sass (~> 1.0.0)
    mime-types (2.0)
    mini_magick (3.7.0)
      subexec (~> 0.2.1)
    mini_portile (0.5.2)
    multi_json (1.8.2)
    neat (1.5.0)
      bourbon (>= 2.1)
      sass (>= 3.2)
    net-scp (1.1.2)
      net-ssh (>= 2.6.5)
    net-ssh (2.7.0)
    nokogiri (1.6.0)
      mini_portile (~> 0.5.0)
    pmap (1.0.1)
    progress (2.4.0)
    rack (1.5.2)
    rack-contrib (1.1.0)
      rack (>= 0.9.1)
    rack-livereload (0.3.15)
      rack
    rack-mobile-detect (0.4.0)
      rack
    rack-test (0.6.2)
      rack (>= 1.0)
    rake (10.1.0)
    rb-fsevent (0.9.3)
    rb-inotify (0.9.2)
      ffi (>= 0.5.0)
    rb-kqueue (0.2.0)
      ffi (>= 0.5.0)
    ruby-hmac (0.4.0)
    ruby-progressbar (1.2.0)
    sass (3.2.12)
    sass-globbing (1.1.0)
      sass (>= 3.1)
    sprockets (2.10.1)
      hike (~> 1.2)
      multi_json (~> 1.0)
      rack (~> 1.0)
      tilt (~> 1.1, != 1.3.0)
    sprockets-helpers (1.0.1)
      sprockets (~> 2.0)
    sprockets-sass (1.0.2)
      sprockets (~> 2.0)
      tilt (~> 1.1)
    subexec (0.2.3)
    thor (0.18.1)
    tilt (1.3.7)
    uglifier (2.1.2)
      execjs (>= 0.3.0)
      multi_json (~> 1.0, >= 1.0.2)
    unf (0.1.3)
      unf_ext
    unf_ext (0.0.6)
    uuidtools (2.1.4)

PLATFORMS
  ruby

DEPENDENCIES
  breakpoint
  breakpoint-slicer
  cloudfront-invalidator (~> 0.2.0)
  eb_deployer
  handlebars_assets
  middleman (~> 3.2.0)
  middleman-bourbon
  middleman-favicon-maker (~> 3.2)
  middleman-imageoptim (~> 0.0.4)
  middleman-livereload (~> 3.1.0)
  middleman-minify-html
  middleman-neat
  middleman-s3_sync
  nokogiri
  rack
  rack-contrib
  rack-mobile-detect
  rake
  sass-globbing
